PATH
  remote: ../hancock
  specs:
    hancock (0.2.0)
      guid (~> 0.1.1)
      haml (~> 3.0.0)
      json
      rack-contrib (~> 0.9.2)
      ruby-openid (~> 2.1.7)
      sinatra (~> 1.0)

GEM
  remote: http://rubygems.org/
  specs:
    guid (0.1.1)
    haml (3.0.25)
    json (1.6.1)
    net-ldap (0.2.2)
    rack (1.3.5)
    rack-contrib (0.9.2)
      rack (>= 0.9.1)
      test-spec (~> 0.9.0)
    rack-protection (1.1.4)
      rack
    ruby-openid (2.1.8)
    sinatra (1.3.1)
      rack (~> 1.3, >= 1.3.4)
      rack-protection (~> 1.1, >= 1.1.2)
      tilt (~> 1.3, >= 1.3.3)
    test-spec (0.9.0)
    tilt (1.3.3)

PLATFORMS
  ruby

DEPENDENCIES
  hancock!
  net-ldap
