GIT
  remote: git://github.com/jonasschneider/hancock.git
  revision: 1d513f0fb3e780f14d52d11a001057fe5fe93088
  specs:
    hancock (0.3.0)
      guid (~> 0.1.1)
      haml (~> 3.0.0)
      json
      rack-contrib (~> 0.9.2)
      ruby-openid (~> 2.1.7)
      sinatra (~> 1.0)

GEM
  remote: http://rubygems.org/
  specs:
    addressable (2.2.6)
    diff-lcs (1.1.3)
    guid (0.1.1)
    haml (3.0.25)
    json (1.6.1)
    net-ldap (0.2.2)
    nokogiri (1.5.0)
    rack (1.3.5)
    rack-contrib (0.9.2)
      rack (>= 0.9.1)
      test-spec (~> 0.9.0)
    rack-protection (1.1.4)
      rack
    rack-test (0.5.7)
      rack (>= 1.0)
    randexp (0.1.6)
    rspec (2.1.0)
      rspec-core (~> 2.1.0)
      rspec-expectations (~> 2.1.0)
      rspec-mocks (~> 2.1.0)
    rspec-core (2.1.0)
    rspec-expectations (2.1.0)
      diff-lcs (~> 1.1.2)
    rspec-mocks (2.1.0)
    ruby-openid (2.1.8)
    sinatra (1.3.1)
      rack (~> 1.3, >= 1.3.4)
      rack-protection (~> 1.1, >= 1.1.2)
      tilt (~> 1.3, >= 1.3.3)
    test-spec (0.9.0)
    tilt (1.3.3)
    webrat (0.7.3)
      nokogiri (>= 1.2.0)
      rack (>= 1.0)
      rack-test (>= 0.5.3)

PLATFORMS
  ruby

DEPENDENCIES
  addressable
  hancock!
  net-ldap
  rack-test (~> 0.5.0)
  randexp
  rspec (~> 2.1.0)
  webrat (~> 0.7.0)
